{
  "TaskName": "rest",
  "MagneticFieldStrength": 3,
  "Manufacturer": "Philips",
  "ManufacturersModelName": "Ingenia",
  "BodyPartExamined": "BRAIN",
  "PatientPosition": "HFS",
  "MRAcquisitionType": "2D",
  "ScanningSequence": "GR",
  "SequenceVariant": "SK",
  "ScanOptions": "FS",
  "ImageType": [
    "ORIGINAL",
    "PRIMARY",
    "M",
    "FFE",
    "M",
    "FFE"
  ],
  "SliceThickness": 3.1,
  "SpacingBetweenSlices": 3.41,
  "EchoTime": 0.035001,
  "RepetitionTime": 2,
  "FlipAngle": 90,
  "PercentPhaseFOV": 100,
  "PhaseEncodingSteps": 62,
  "AcquisitionMatrixPE": 62,
  "ReconMatrixPE": 64,
  "EffectiveEchoSpacing": 0.0003157835674478,
  "TotalReadoutTime": 0.019894364749211,
  "PhaseEncodingDirection": "j",
  "SliceTiming": [
    0,
    0.0588,
    0.1176,
    0.1764,
    0.2352,
    0.2939,
    0.3527,
    0.4115,
    0.4703,
    0.5291,
    0.5879,
    0.6467,
    0.7055,
    0.7642,
    0.823,
    0.8818,
    0.9406,
    0.9994,
    1.0582,
    1.117,
    1.1758,
    1.2345,
    1.2933,
    1.3521,
    1.4109,
    1.4697,
    1.5285,
    1.5873,
    1.6461,
    1.7048,
    1.7636,
    1.8224,
    1.8812,
    1.94
  ],
  "InPlanePhaseEncodingDirectionDICOM": "COL",
  "NumberOfVolumesDiscardedByScanner": 0,
  "NumberOfVolumesDiscardedByUser (copy)": 0,
  "Instructions": "Participants were asked to close their eyes, to not fall asleep, and to avoid consistent thinking about same topic during the period of scanning"
}